PATH
  remote: .
  specs:
    direct_current (0.1.0)
      high_voltage

GEM
  remote: https://rubygems.org/
  specs:
    high_voltage (1.2.3)
    sqlite3 (1.3.7)

PLATFORMS
  ruby

DEPENDENCIES
  direct_current!
  high_voltage
  sqlite3
